GEM
  remote: https://rubygems.org/
  specs:
    fast_trie (0.5.1)
    json (2.0.3)
    pg (0.21.0)
    rack (2.0.3)

PLATFORMS
  ruby

DEPENDENCIES
  fast_trie
  json
  pg
  rack

BUNDLED WITH
   1.14.6
