GEM
  remote: https://rubygems.org/
  specs:
    diff-lcs (1.3)
    json (2.0.3)
    open-uri-cached (0.0.5)
    rack (2.0.3)
    rack-cache (1.7.0)
      rack (>= 0.4)
    rack-test (0.6.3)
      rack (>= 1.0)
    rspec (3.6.0)
      rspec-core (~> 3.6.0)
      rspec-expectations (~> 3.6.0)
      rspec-mocks (~> 3.6.0)
    rspec-core (3.6.0)
      rspec-support (~> 3.6.0)
    rspec-expectations (3.6.0)
      diff-lcs (>= 1.2.0, < 2.0)
      rspec-support (~> 3.6.0)
    rspec-mocks (3.6.0)
      diff-lcs (>= 1.2.0, < 2.0)
      rspec-support (~> 3.6.0)
    rspec-support (3.6.0)
    trie (0.0.1)

PLATFORMS
  ruby

DEPENDENCIES
  json
  open-uri-cached
  rack
  rack-cache
  rack-test
  rspec
  trie

BUNDLED WITH
   1.14.6
